GEM
  remote: http://rubygems.org/
  specs:
    kgio (2.10.0)
    mustermann (2.0.2)
      ruby2_keywords (~> 0.0.1)
    pg (0.18.4)
    rack (2.2.4)
    rack-protection (2.2.3)
      rack
    raindrops (0.15.0)
    ruby2_keywords (0.0.5)
    sinatra (2.2.3)
      mustermann (~> 2.0)
      rack (~> 2.2)
      rack-protection (= 2.2.3)
      tilt (~> 2.0)
    tilt (2.0.11)
    unicorn (5.0.0)
      kgio (~> 2.6)
      rack
      raindrops (~> 0.7)

PLATFORMS
  ruby

DEPENDENCIES
  pg
  sinatra (~> 2.2)
  unicorn
